GEM
  remote: http://rubygems.org/
  specs:
    git (1.2.5)
    hash-utils (1.1.0)
      ruby-version
    jeweler2 (2.0.9)
      git (>= 1.2.5)
    pipe-run (0.3.0)
    ruby-version (0.3.1)

PLATFORMS
  ruby

DEPENDENCIES
  bundler (>= 1.0.0)
  hash-utils (>= 0.18.0)
  jeweler2
  pipe-run (>= 0.2.1)
