GEM
  remote: http://rubygems.org/
  specs:
    git (1.2.5)
    hash-utils (0.19.0)
      ruby-version
    jeweler (1.6.4)
      bundler (~> 1.0)
      git (>= 1.2.5)
      rake
    pipe-run (0.2.1)
    rake (0.9.2)
    ruby-version (0.3.1)

PLATFORMS
  ruby

DEPENDENCIES
  bundler (>= 1.0.0)
  hash-utils (>= 0.18.0)
  jeweler (>= 1.5.2)
  pipe-run (>= 0.2.1)
